PATH
  remote: ..
  specs:
    committee (3.0.0)
      json_schema (~> 0.14, >= 0.14.3)
      openapi_parser (>= 0.2.2)
      rack (>= 1.5)

GEM
  remote: https://rubygems.org/
  specs:
    json_schema (0.20.1)
    mustermann (1.0.3)
    openapi_parser (0.2.2)
    rack (2.0.5)
    rack-protection (2.0.4)
      rack
    sinatra (2.0.4)
      mustermann (~> 1.0)
      rack (~> 2.0)
      rack-protection (= 2.0.4)
      tilt (~> 2.0)
    tilt (2.0.8)

PLATFORMS
  ruby

DEPENDENCIES
  committee!
  sinatra

BUNDLED WITH
   1.17.2
